GEM
  remote: http://rubygems.org/
  specs:
    coderay (1.1.2)
    curses (1.3.1)
    method_source (0.9.2)
    pry (0.12.2)
      coderay (~> 1.1.0)
      method_source (~> 0.9.0)
    pry-nav (0.3.0)
      pry (>= 0.9.10, < 0.13.0)

PLATFORMS
  ruby

DEPENDENCIES
  curses
  pry-nav

BUNDLED WITH
   2.0.2
